GEM
  remote: https://rubygems.org/
  specs:
    passenger (5.0.22)
      rack
      rake (>= 0.8.1)
    rack (1.6.4)
    rake (10.4.2)
    websocket (1.1.1)

PLATFORMS
  ruby

DEPENDENCIES
  passenger (>= 5.0.22)
  rack
  websocket

BUNDLED WITH
   1.10.6
